GEM
  remote: https://rubygems.org/
  specs:
    akami (1.2.2)
      gyoku (>= 0.4.0)
      nokogiri
    builder (3.2.2)
    diff-lcs (1.2.5)
    ffi (1.9.6)
    ffi (1.9.6-x64-mingw32)
    gssapi (1.0.3)
      ffi (>= 1.0.1)
    gyoku (1.2.2)
      builder (>= 2.1.2)
    httpclient (2.5.3.3)
    httpi (0.9.7)
      rack
    little-plugger (1.1.3)
    logging (1.8.2)
      little-plugger (>= 1.1.3)
      multi_json (>= 1.8.4)
    mini_portile (0.6.1)
    multi_json (1.10.1)
    net-scp (1.2.1)
      net-ssh (>= 2.6.5)
    net-ssh (2.9.1)
    nokogiri (1.6.5)
      mini_portile (~> 0.6.0)
    nokogiri (1.6.5-x64-mingw32)
      mini_portile (~> 0.6.0)
    nori (1.1.5)
    rack (1.5.2)
    rake (10.4.2)
    rspec (3.1.0)
      rspec-core (~> 3.1.0)
      rspec-expectations (~> 3.1.0)
      rspec-mocks (~> 3.1.0)
    rspec-core (3.1.7)
      rspec-support (~> 3.1.0)
    rspec-expectations (3.1.2)
      diff-lcs (>= 1.2.0, < 2.0)
      rspec-support (~> 3.1.0)
    rspec-its (1.1.0)
      rspec-core (>= 3.0.0)
      rspec-expectations (>= 3.0.0)
    rspec-mocks (3.1.3)
      rspec-support (~> 3.1.0)
    rspec-support (3.1.2)
    rubyntlm (0.1.1)
    savon (0.9.5)
      akami (~> 1.0)
      builder (>= 2.1.2)
      gyoku (>= 0.4.0)
      httpi (~> 0.9)
      nokogiri (>= 1.4.0)
      nori (~> 1.0)
      wasabi (~> 1.0)
    serverspec (2.6.0)
      multi_json
      rspec (~> 3.0)
      rspec-its
      specinfra (~> 2.10)
    specinfra (2.10.0)
      net-scp
      net-ssh
    uuidtools (2.1.5)
    wasabi (1.0.0)
      nokogiri (>= 1.4.0)
    winrm (1.2.0)
      gssapi (~> 1.0.0)
      httpclient (~> 2.2, >= 2.2.0.2)
      logging (~> 1.6, >= 1.6.1)
      nokogiri (~> 1.5)
      rubyntlm (~> 0.1.1)
      savon (= 0.9.5)
      uuidtools (~> 2.1.2)

PLATFORMS
  ruby
  x64-mingw32

DEPENDENCIES
  rake
  serverspec
  winrm

BUNDLED WITH
   1.11.2
